PATH
  remote: .
  specs:
    rbuspirate (0.2.4)
      serialport (~> 1.3)

GEM
  remote: https://rubygems.org/
  specs:
    coderay (1.1.2)
    method_source (1.0.0)
    pry (0.13.1)
      coderay (~> 1.1)
      method_source (~> 1.0)
    rake (13.0.1)
    serialport (1.3.1)

PLATFORMS
  ruby

DEPENDENCIES
  bundler (~> 2.0)
  pry (~> 0.13.0)
  rake (~> 13.0)
  rbuspirate!

BUNDLED WITH
   2.1.4
