PATH
  remote: .
  specs:
    rbuspirate (0.1.0)

GEM
  remote: https://rubygems.org/
  specs:
    rake (10.5.0)
    serialport (1.3.1)

PLATFORMS
  ruby

DEPENDENCIES
  bundler (~> 2.0)
  rake (~> 10.0)
  rbuspirate!
  serialport (~> 1.3)

BUNDLED WITH
   2.0.2
