PATH
  remote: .
  specs:
    rbuspirate (0.2.3)
      serialport (~> 1.3)

GEM
  remote: https://rubygems.org/
  specs:
    coderay (1.1.2)
    method_source (0.9.2)
    pry (0.12.2)
      coderay (~> 1.1.0)
      method_source (~> 0.9.0)
    rake (10.5.0)
    serialport (1.3.1)

PLATFORMS
  ruby

DEPENDENCIES
  bundler (~> 2.0)
  pry (~> 0.12.2)
  rake (~> 10.0)
  rbuspirate!

BUNDLED WITH
   2.1.4
